GEM
  remote: https://rubygems.org/
  specs:
    rake (13.0.1)
    rake_commit (0.11.0)

PLATFORMS
  ruby

DEPENDENCIES
  rake (>= 12.3.3)
  rake_commit (= 0.11.0)

BUNDLED WITH
   1.17.3
